GEM
  remote: https://rubygems.org/
  specs:
    kitchen-puppet (0.0.31)
      test-kitchen (~> 1.4)
    kitchen-vagrant (0.18.0)
      test-kitchen (~> 1.4)
    mixlib-shellout (2.1.0)
    net-scp (1.2.1)
      net-ssh (>= 2.6.5)
    net-ssh (2.9.2)
    safe_yaml (1.0.4)
    test-kitchen (1.4.2)
      mixlib-shellout (>= 1.2, < 3.0)
      net-scp (~> 1.1)
      net-ssh (~> 2.7, < 2.10)
      safe_yaml (~> 1.0)
      thor (~> 0.18)
    thor (0.19.1)

PLATFORMS
  ruby

DEPENDENCIES
  kitchen-puppet
  kitchen-vagrant
  test-kitchen
